GEM
  remote: http://rubygems.org/
  specs:
    RedCloth (4.2.9)
    awestruct (0.4.6)
      RedCloth (~> 4.2.9)
      bootstrap-sass (~> 2.0.1)
      coffee-script (~> 2.2.0)
      compass (~> 0.12.1)
      compass-960-plugin (~> 0.10.4)
      eventmachine (~> 1.0.0.beta.4)
      git (~> 1.2.5)
      haml (~> 3.1.4)
      hpricot (~> 0.8.6)
      json (~> 1.6.6)
      listen (~> 0.4.2)
      nokogiri (~> 1.5.2)
      org-ruby (~> 0.5.3)
      rdiscount (~> 1.6.8)
      rest-client (~> 1.6.7)
      sass (~> 3.1.15)
      thin (~> 1.3.1)
    bootstrap-sass (2.0.4.2)
    chunky_png (1.2.7)
    coffee-script (2.2.0)
      coffee-script-source
      execjs
    coffee-script-source (1.6.2)
    compass (0.12.2)
      chunky_png (~> 1.2)
      fssm (>= 0.2.7)
      sass (~> 3.1)
    compass-960-plugin (0.10.4)
      compass (>= 0.10.0)
    daemons (1.1.9)
    eventmachine (1.0.3)
    execjs (1.4.0)
      multi_json (~> 1.0)
    ffi (1.5.0)
    fssm (0.2.10)
    git (1.2.5)
    haml (3.1.8)
    hpricot (0.8.6)
    json (1.6.8)
    libv8 (3.3.10.4)
    listen (0.4.7)
      rb-fchange (~> 0.0.5)
      rb-fsevent (~> 0.9.1)
      rb-inotify (~> 0.8.8)
    mime-types (1.21)
    multi_json (1.7.2)
    nokogiri (1.5.9)
    org-ruby (0.5.3)
      rubypants (>= 0.2.0)
    rack (1.5.2)
    rake (0.9.2.2)
    rb-fchange (0.0.6)
      ffi
    rb-fsevent (0.9.3)
    rb-inotify (0.8.8)
      ffi (>= 0.5.0)
    rdiscount (1.6.8)
    rest-client (1.6.7)
      mime-types (>= 1.16)
    rubypants (0.2.0)
    sass (3.1.21)
    therubyracer (0.10.1)
      libv8 (~> 3.3.10)
    thin (1.3.1)
      daemons (>= 1.0.9)
      eventmachine (>= 0.12.6)
      rack (>= 1.0.0)
    yard (0.7.5)

PLATFORMS
  ruby

DEPENDENCIES
  awestruct (= 0.4.6)
  rake (= 0.9.2.2)
  therubyracer (= 0.10.1)
  yard (~> 0.7.5)
